PATH
  remote: .
  specs:
    classy_cancan (0.0.3)
      cancancan

GEM
  remote: https://rubygems.org/
  specs:
    cancancan (1.10.1)
    diff-lcs (1.2.5)
    rake (10.4.2)
    rspec (3.2.0)
      rspec-core (~> 3.2.0)
      rspec-expectations (~> 3.2.0)
      rspec-mocks (~> 3.2.0)
    rspec-core (3.2.0)
      rspec-support (~> 3.2.0)
    rspec-expectations (3.2.0)
      diff-lcs (>= 1.2.0, < 2.0)
      rspec-support (~> 3.2.0)
    rspec-mocks (3.2.0)
      diff-lcs (>= 1.2.0, < 2.0)
      rspec-support (~> 3.2.0)
    rspec-support (3.2.0)

PLATFORMS
  ruby

DEPENDENCIES
  bundler
  classy_cancan!
  rake
  rspec
