PATH
  remote: .
  specs:
    classy_cancan (0.0.1)
      cancancan

GEM
  remote: https://rubygems.org/
  specs:
    cancancan (1.9.2)
    diff-lcs (1.2.5)
    rake (10.1.0)
    rspec (3.1.0)
      rspec-core (~> 3.1.0)
      rspec-expectations (~> 3.1.0)
      rspec-mocks (~> 3.1.0)
    rspec-core (3.1.5)
      rspec-support (~> 3.1.0)
    rspec-expectations (3.1.2)
      diff-lcs (>= 1.2.0, < 2.0)
      rspec-support (~> 3.1.0)
    rspec-mocks (3.1.2)
      rspec-support (~> 3.1.0)
    rspec-support (3.1.1)

PLATFORMS
  ruby

DEPENDENCIES
  bundler
  classy_cancan!
  rake
  rspec
